GIT
  remote: git://github.com/FriendlyId/friendly_id.git
  revision: d31327604add1c6f605a8327a4aa10b3ef9c1e70
  specs:
    friendly_id (5.0.0.beta4)
      activerecord (~> 4.0.0)

GIT
  remote: git://github.com/airblade/paper_trail.git
  revision: fdf85343a82914a975899fa311647fd5c9fb7b28
  branch: master
  specs:
    paper_trail (3.0.0.beta)
      activerecord (>= 3.0, < 5.0)

GIT
  remote: git://github.com/boxcar21/themes_for_rails.git
  revision: dddae929e8fecfa603a6105389e3f12267911a58
  branch: master
  specs:
    themes_for_rails (0.5.1)
      rails (>= 3.0.0)

GIT
  remote: git://github.com/cenotaph/rails3-jquery-autocomplete.git
  revision: 26909d6a09b3e9c629e4a45d9f9800181d7db4c7
  branch: master
  specs:
    rails3-jquery-autocomplete (1.0.11)
      rails (>= 3.0)

GIT
  remote: git://github.com/josevalim/inherited_resources.git
  revision: fdc9de6ca213ab8f3b97f37e5d071363198e018a
  specs:
    inherited_resources (1.4.1)
      has_scope (~> 0.6.0.rc)
      responders (~> 1.0.0.rc)

GIT
  remote: git://github.com/justinfrench/formtastic.git
  revision: cd6cb88f28ea7444267802ced8e5ec0f5cfd0f90
  branch: master
  specs:
    formtastic (2.3.0.rc2)
      actionpack (>= 3.0)

GIT
  remote: git://github.com/svenfuchs/globalize3.git
  revision: 82b3b36308677745b261bd147dda00ed4560a25d
  branch: rails4
  specs:
    globalize3 (0.3.0)
      activemodel (>= 4.0.0)
      activerecord (>= 4.0.0)
      paper_trail (~> 3.0.0.beta)

GEM
  remote: https://rubygems.org/
  specs:
    actionmailer (4.0.0)
      actionpack (= 4.0.0)
      mail (~> 2.5.3)
    actionpack (4.0.0)
      activesupport (= 4.0.0)
      builder (~> 3.1.0)
      erubis (~> 2.7.0)
      rack (~> 1.5.2)
      rack-test (~> 0.6.2)
    activemodel (4.0.0)
      activesupport (= 4.0.0)
      builder (~> 3.1.0)
    activerecord (4.0.0)
      activemodel (= 4.0.0)
      activerecord-deprecated_finders (~> 1.0.2)
      activesupport (= 4.0.0)
      arel (~> 4.0.0)
    activerecord-deprecated_finders (1.0.3)
    activesupport (4.0.0)
      i18n (~> 0.6, >= 0.6.4)
      minitest (~> 4.2)
      multi_json (~> 1.3)
      thread_safe (~> 0.1)
      tzinfo (~> 0.3.37)
    addressable (2.3.5)
    arel (4.0.0)
    atomic (1.1.13)
    auto_html (1.6.0)
      redcarpet (~> 2.0)
      rinku (~> 1.5.0)
    aws-s3 (0.6.3)
      builder
      mime-types
      xml-simple
    bcrypt-ruby (3.1.2)
    better_errors (0.9.0)
      coderay (>= 1.0.0)
      erubis (>= 2.6.6)
    binding_of_caller (0.7.2)
      debug_inspector (>= 0.0.1)
    bootstrap-sass (2.3.2.1)
      sass (~> 3.2)
    builder (3.1.4)
    bullet (4.6.0)
      uniform_notifier
    callsite (0.0.11)
    cancan (1.6.10)
    carrierwave (0.9.0)
      activemodel (>= 3.2.0)
      activesupport (>= 3.2.0)
      json (>= 1.7)
    ckeditor (4.0.4)
      mime-types
      orm_adapter
    closure_tree (4.2.7)
      activerecord (>= 3.0.0)
      with_advisory_lock (>= 0.0.9)
    coderay (1.0.9)
    coffee-rails (4.0.0)
      coffee-script (>= 2.2.0)
      railties (>= 4.0.0.beta, < 5.0)
    coffee-script (2.2.0)
      coffee-script-source
      execjs
    coffee-script-source (1.6.3)
    countries (0.9.2)
      currencies (>= 0.4.0)
    country_select (1.2.0)
    currencies (0.4.2)
    daemons (1.1.9)
    debug_inspector (0.0.2)
    devise (3.0.3)
      bcrypt-ruby (~> 3.0)
      orm_adapter (~> 0.1)
      railties (>= 3.2.6, < 5)
      warden (~> 1.2.3)
    devise-encryptable (0.1.2)
      devise (>= 2.1.0)
    erubis (2.7.0)
    eventmachine (1.0.3)
    excon (0.13.4)
    execjs (2.0.1)
    fog (1.3.1)
      builder
      excon (~> 0.13.0)
      formatador (~> 0.2.0)
      mime-types
      multi_json (~> 1.0)
      net-scp (~> 1.0.4)
      net-ssh (>= 2.1.3)
      nokogiri (~> 1.5.0)
      ruby-hmac
    font-awesome-rails (3.2.1.3)
      railties (>= 3.2, < 5.0)
    formatador (0.2.4)
    geocoder (1.1.8)
    haml (4.0.3)
      tilt
    haml-rails (0.4)
      actionpack (>= 3.1, < 4.1)
      activesupport (>= 3.1, < 4.1)
      haml (>= 3.1, < 4.1)
      railties (>= 3.1, < 4.1)
    handles_sortable_columns (0.1.4)
    has_scope (0.6.0.rc)
      actionpack (>= 3.2, < 5)
      activesupport (>= 3.2, < 5)
    hike (1.2.3)
    http_accept_language (1.0.2)
    httpclient (2.3.4.1)
    i18n (0.6.5)
    jbuilder (1.0.2)
      activesupport (>= 3.0.0)
    jquery-rails (3.0.4)
      railties (>= 3.0, < 5.0)
      thor (>= 0.14, < 2.0)
    jquery-ui-rails (4.0.4)
      jquery-rails
      railties (>= 3.1.0)
    jquery-validation-rails (1.11.1)
      thor (~> 0.14)
    json (1.8.0)
    kaminari (0.14.1)
      actionpack (>= 3.0.0)
      activesupport (>= 3.0.0)
    launchy (2.3.0)
      addressable (~> 2.3)
    letter_opener (1.1.2)
      launchy (~> 2.2)
    macaddr (1.6.1)
      systemu (~> 2.5.0)
    mail (2.5.4)
      mime-types (~> 1.16)
      treetop (~> 1.4.8)
    meta-tags (1.5.0)
      actionpack
    meta_request (0.2.8)
      callsite
      rack-contrib
      railties
    mime-types (1.24)
    mini_magick (3.6.0)
      subexec (~> 0.2.1)
    minitest (4.7.5)
    multi_json (1.7.9)
    mysql2 (0.3.13)
    nested_form (0.3.2)
    net-scp (1.0.4)
      net-ssh (>= 1.99.1)
    net-ssh (2.6.8)
    nifty-generators (0.4.6)
    nokogiri (1.5.10)
    orm_adapter (0.4.0)
    pg (0.16.0)
    polyamorous (0.6.3)
      activerecord (>= 3.0)
    polyglot (0.3.3)
    public_activity (1.4.0)
      actionpack (>= 3.0.0)
      activerecord (>= 3.0)
      i18n (>= 0.5.0)
      railties (>= 3.0.0)
    quiet_assets (1.0.2)
      railties (>= 3.1, < 5.0)
    rack (1.5.2)
    rack-contrib (1.1.0)
      rack (>= 0.9.1)
    rack-test (0.6.2)
      rack (>= 1.0)
    rails (4.0.0)
      actionmailer (= 4.0.0)
      actionpack (= 4.0.0)
      activerecord (= 4.0.0)
      activesupport (= 4.0.0)
      bundler (>= 1.3.0, < 2.0)
      railties (= 4.0.0)
      sprockets-rails (~> 2.0.0)
    rails-footnotes (3.7.9)
      rails (>= 3.0.0)
    rails-i18n (0.7.4)
      i18n (~> 0.5)
    rails_12factor (0.0.2)
      rails_serve_static_assets
      rails_stdout_logging
    rails_serve_static_assets (0.0.1)
    rails_stdout_logging (0.0.1)
    railties (4.0.0)
      actionpack (= 4.0.0)
      activesupport (= 4.0.0)
      rake (>= 0.8.7)
      thor (>= 0.18.1, < 2.0)
    rake (10.1.0)
    randumb (0.3.1)
      activerecord (>= 3.0.0)
      activesupport (>= 3.0.0)
      rake
    ransack (1.0.0)
      actionpack (>= 3.0)
      activerecord (>= 3.0)
      polyamorous (~> 0.6.0)
    rdoc (3.12.2)
      json (~> 1.4)
    recaptcha (0.3.5)
    redcarpet (2.3.0)
    responders (1.0.0.rc)
      railties (>= 3.2, < 5)
    rinku (1.5.1)
    rolify (3.3.0.rc4)
    ruby-growl (4.0)
      uuid (~> 2.3, >= 2.3.5)
    ruby-hmac (0.4.0)
    safe_attributes (1.0.10)
      activerecord (>= 3.0.0)
    sass (3.2.10)
    sass-rails (4.0.0)
      railties (>= 4.0.0.beta, < 5.0)
      sass (>= 3.1.10)
      sprockets-rails (~> 2.0.0)
    sdoc (0.3.20)
      json (>= 1.1.3)
      rdoc (~> 3.10)
    skeleton-rails (0.1.0)
    sprockets (2.10.0)
      hike (~> 1.2)
      multi_json (~> 1.0)
      rack (~> 1.0)
      tilt (~> 1.1, != 1.3.0)
    sprockets-rails (2.0.0)
      actionpack (>= 3.0)
      activesupport (>= 3.0)
      sprockets (~> 2.8)
    subexec (0.2.3)
    superfish-rails (1.6.0.1)
    systemu (2.5.2)
    textacular (3.1.0)
      activerecord (>= 3.0, < 4.1)
    thin (1.5.1)
      daemons (>= 1.0.9)
      eventmachine (>= 0.12.6)
      rack (>= 1.0.0)
    thor (0.18.1)
    thread_safe (0.1.2)
      atomic
    tilt (1.4.1)
    treetop (1.4.15)
      polyglot
      polyglot (>= 0.3.1)
    truncate_html (0.9.2)
    tzinfo (0.3.37)
    uglifier (2.2.0)
      execjs (>= 0.3.0)
      multi_json (~> 1.0, >= 1.0.2)
    uniform_notifier (1.3.0)
    uuid (2.3.7)
      macaddr (~> 1.0)
    warden (1.2.3)
      rack (>= 1.0)
    wicked (1.0.0)
      rails (>= 3.0.7)
    with_advisory_lock (0.0.10)
      activerecord (>= 3.0.0)
    xml-simple (1.1.2)

PLATFORMS
  ruby

DEPENDENCIES
  auto_html
  aws-s3
  better_errors
  binding_of_caller
  bootstrap-sass
  bullet
  cancan
  carrierwave
  ckeditor
  closure_tree
  coffee-rails
  countries
  country_select
  devise
  devise-encryptable
  fog (~> 1.3.1)
  font-awesome-rails
  formtastic!
  friendly_id (~> 5.0.0.alpha1)!
  geocoder
  globalize3!
  haml
  haml-rails (>= 0.3.4)
  handles_sortable_columns
  has_scope
  http_accept_language
  httpclient
  inherited_resources!
  jbuilder (~> 1.0.1)
  jquery-rails
  jquery-ui-rails
  jquery-validation-rails
  kaminari
  letter_opener
  meta-tags
  meta_request
  mini_magick
  mysql2
  nested_form
  nifty-generators
  paper_trail!
  pg
  public_activity
  quiet_assets
  rails (= 4.0.0)
  rails-footnotes (>= 3.7.9)
  rails-i18n
  rails3-jquery-autocomplete!
  rails_12factor
  randumb
  ransack
  recaptcha
  rolify (= 3.3.0.rc4)
  ruby-growl
  safe_attributes
  sass-rails
  sdoc
  skeleton-rails
  superfish-rails
  textacular (~> 3.0)
  themes_for_rails!
  thin
  truncate_html
  uglifier
  wicked
